GEM
  remote: https://rubygems.org/
  specs:
    chunky_png (1.3.0)
    compass (0.12.4)
      chunky_png (~> 1.2)
      fssm (>= 0.2.7)
      sass (~> 3.2.17)
    fssm (0.2.10)
    kramdown (1.3.3)
    mime-types (2.2)
    mini_portile (0.5.3)
    nokogiri (1.6.1)
      mini_portile (~> 0.5.0)
    prophecy (0.2.4)
      compass (>= 0.12.2)
      kramdown (>= 1.2.0)
      mime-types (>= 1.25)
      nokogiri (>= 1.6.0)
      roman-numerals (>= 0.3.0)
      thor (~> 0.18)
    roman-numerals (0.3.0)
    sass (3.2.18)
    thor (0.19.1)

PLATFORMS
  ruby

DEPENDENCIES
  prophecy (~> 0.2.3)
